GEM
  remote: http://rubygems.org/
  specs:
    addressable (2.2.6)
    chance (0.5.2)
    coffee-script (2.2.0)
      coffee-script-source
      execjs
    coffee-script-source (1.1.2)
    daemons (1.1.4)
    diff-lcs (1.1.2)
    eventmachine (0.12.10)
    execjs (1.2.4)
      multi_json (~> 1.0)
    growl (1.0.3)
    guard (0.5.1)
      thor (~> 0.14.6)
    guard-coffeescript (0.3.2)
      coffee-script (>= 2.2.0)
      guard (>= 0.4)
    heroku (2.4.0)
      launchy (>= 0.3.2)
      rest-client (~> 1.6.1)
      term-ansicolor (~> 1.0.5)
    launchy (2.0.5)
      addressable (~> 2.2.6)
    mime-types (1.16)
    multi_json (1.0.3)
    rack (1.3.2)
    rake (0.9.2)
    rest-client (1.6.3)
      mime-types (>= 1.16)
    rspec (2.6.0)
      rspec-core (~> 2.6.0)
      rspec-expectations (~> 2.6.0)
      rspec-mocks (~> 2.6.0)
    rspec-core (2.6.4)
    rspec-expectations (2.6.0)
      diff-lcs (~> 1.1.2)
    rspec-mocks (2.6.0)
    shotgun (0.9)
      rack (>= 1.0)
    sinatra (1.2.6)
      rack (~> 1.1)
      tilt (>= 1.2.2, < 2.0)
    term-ansicolor (1.0.6)
    thin (1.2.11)
      daemons (>= 1.0.9)
      eventmachine (>= 0.12.6)
      rack (>= 1.0.0)
    thor (0.14.6)
    tilt (1.3.2)

PLATFORMS
  ruby

DEPENDENCIES
  chance (>= 0.5.2)
  growl
  guard
  guard-coffeescript
  heroku
  rake
  rspec
  shotgun
  sinatra
  thin
